GEM
  remote: https://rubygems.org/
  specs:
    ast (2.4.2)
    backport (1.2.0)
    benchmark (0.2.0)
    diff-lcs (1.5.0)
    e2mmap (0.1.0)
    generator (0.0.1)
    jaro_winkler (1.5.4)
    kramdown (2.4.0)
      rexml
    kramdown-parser-gfm (1.1.0)
      kramdown (~> 2.0)
    language_server-protocol (3.16.0.3)
    lazy_priority_queue (0.1.1)
    nokogiri (1.13.6-x86_64-darwin)
      racc (~> 1.4)
    nokogiri (1.13.6-x86_64-linux)
      racc (~> 1.4)
    parallel (1.22.1)
    parser (3.1.2.0)
      ast (~> 2.4.1)
    racc (1.6.0)
    rainbow (3.1.1)
    regexp_parser (2.4.0)
    reverse_markdown (2.1.1)
      nokogiri
    rexml (3.2.5)
    rgl (0.5.7)
      lazy_priority_queue (~> 0.1.0)
      stream (~> 0.5.3)
    rspec (3.10.0)
      rspec-core (~> 3.10.0)
      rspec-expectations (~> 3.10.0)
      rspec-mocks (~> 3.10.0)
    rspec-core (3.10.1)
      rspec-support (~> 3.10.0)
    rspec-expectations (3.10.1)
      diff-lcs (>= 1.2.0, < 2.0)
      rspec-support (~> 3.10.0)
    rspec-mocks (3.10.2)
      diff-lcs (>= 1.2.0, < 2.0)
      rspec-support (~> 3.10.0)
    rspec-support (3.10.3)
    rubocop (1.29.1)
      parallel (~> 1.10)
      parser (>= 3.1.0.0)
      rainbow (>= 2.2.2, < 4.0)
      regexp_parser (>= 1.8, < 3.0)
      rexml (>= 3.2.5, < 4.0)
      rubocop-ast (>= 1.17.0, < 2.0)
      ruby-progressbar (~> 1.7)
      unicode-display_width (>= 1.4.0, < 3.0)
    rubocop-ast (1.18.0)
      parser (>= 3.1.1.0)
    rubocop-lsp (0.1.6)
      language_server-protocol (>= 3.16)
      rubocop (>= 1.0)
    rubocop-rspec (2.6.0)
      rubocop (~> 1.19)
    ruby-progressbar (1.11.0)
    solargraph (0.44.3)
      backport (~> 1.2)
      benchmark
      bundler (>= 1.17.2)
      diff-lcs (~> 1.4)
      e2mmap
      jaro_winkler (~> 1.5)
      kramdown (~> 2.3)
      kramdown-parser-gfm (~> 1.1)
      parser (~> 3.0)
      reverse_markdown (>= 1.0.5, < 3)
      rubocop (>= 0.52)
      thor (~> 1.0)
      tilt (~> 2.0)
      yard (~> 0.9, >= 0.9.24)
    sorbet (0.5.9449)
      sorbet-static (= 0.5.9449)
    sorbet-runtime (0.5.9449)
    sorbet-static (0.5.9449-universal-darwin-19)
    sorbet-static (0.5.9449-x86_64-linux)
    stream (0.5.3)
      generator
    thor (1.2.1)
    tilt (2.0.10)
    unicode-display_width (2.1.0)
    webrick (1.7.0)
    yard (0.9.27)
      webrick (~> 1.7.0)

PLATFORMS
  x86_64-darwin-19
  x86_64-linux

DEPENDENCIES
  rgl
  rspec
  rubocop
  rubocop-lsp
  rubocop-rspec
  solargraph
  sorbet
  sorbet-runtime

BUNDLED WITH
   2.3.13
